GEM
  specs:
    activesupport (5.2.8.1)
      concurrent-ruby (~> 1.0, >= 1.0.2)
      i18n (>= 0.7, < 2)
      minitest (~> 5.1)
      tzinfo (~> 1.1)
    concurrent-ruby (1.2.2)
    dotenv (2.8.1)
    faraday (1.10.3)
      faraday-em_http (~> 1.0)
      faraday-em_synchrony (~> 1.0)
      faraday-excon (~> 1.1)
      faraday-httpclient (~> 1.0)
      faraday-multipart (~> 1.0)
      faraday-net_http (~> 1.0)
      faraday-net_http_persistent (~> 1.0)
      faraday-patron (~> 1.0)
      faraday-rack (~> 1.0)
      faraday-retry (~> 1.0)
      ruby2_keywords (>= 0.0.4)
    faraday-em_http (1.0.0)
    faraday-em_synchrony (1.0.0)
    faraday-excon (1.1.0)
    faraday-httpclient (1.0.1)
    faraday-multipart (1.0.4)
      multipart-post (~> 2)
    faraday-net_http (1.0.1)
    faraday-net_http_persistent (1.2.0)
    faraday-patron (1.0.0)
    faraday-rack (1.0.0)
    faraday-retry (1.0.3)
    faraday_middleware (1.2.0)
      faraday (~> 1.0)
    i18n (1.12.0)
      concurrent-ruby (~> 1.0)
    lazy_record (0.6.3)
      activesupport (~> 5.0)
      scoped_attr_accessor (~> 1.0, >= 1.0.3)
    minitest (5.14.2)
    multipart-post (2.3.0)
    pyr (0.4.1)
      faraday (>= 0.11.0)
      faraday_middleware (>= 0.11.0)
      lazy_record (~> 0.6.2)
    ruby2_keywords (0.0.5)
    scoped_attr_accessor (1.0.3)
    thread_safe (0.3.6)
    tzinfo (1.2.11)
      thread_safe (~> 0.1)

PLATFORMS
  x86_64-darwin-20

DEPENDENCIES
  dotenv
  pyr

BUNDLED WITH
   2.4.12
